GEM
  remote: https://rubygems.org/
  specs:
    ast (2.4.2)
    coderay (1.1.3)
    concurrent-ruby (1.1.8)
    diff-lcs (1.4.4)
    docile (1.3.4)
    envyable (1.2.0)
      thor (>= 0.18.1, < 2.0)
    ffi (1.15.0)
    graphql (1.12.9)
    graphql-schema_comparator (1.0.1)
      bundler (>= 1.14)
      graphql (~> 1.10)
      thor (>= 0.19, < 2.0)
    hanami-utils (1.3.8)
      concurrent-ruby (~> 1.0)
      transproc (~> 1.0)
    imagen (0.1.8)
      parser (>= 2.5, != 2.5.1.1)
    listen (3.5.1)
      rb-fsevent (~> 0.10, >= 0.10.3)
      rb-inotify (~> 0.9, >= 0.9.10)
    method_source (1.0.0)
    nio4r (2.5.7)
    parallel (1.20.1)
    parser (3.0.1.1)
      ast (~> 2.4.1)
    pastel (0.8.0)
      tty-color (~> 0.5)
    pg (1.2.3)
    pry (0.14.1)
      coderay (~> 1.1)
      method_source (~> 1.0)
    puma (5.3.1)
      nio4r (~> 2.0)
    rack (2.2.3)
    rack-cors (1.1.1)
      rack (>= 2.0.0)
    rack-protection (2.1.0)
      rack
    rack-test (1.1.0)
      rack (>= 1.0, < 3)
    rack-unreloader (1.7.0)
    rainbow (3.0.0)
    rake (13.0.3)
    rb-fsevent (0.10.4)
    rb-inotify (0.10.1)
      ffi (~> 1.0)
    regexp_parser (2.1.1)
    rexml (3.2.5)
    roda (3.44.0)
      rack
    roda-enhanced_logger (0.4.0)
      roda (>= 3.19.0)
      tty-logger (>= 0.3, < 1.0)
    rspec (3.10.0)
      rspec-core (~> 3.10.0)
      rspec-expectations (~> 3.10.0)
      rspec-mocks (~> 3.10.0)
    rspec-core (3.10.1)
      rspec-support (~> 3.10.0)
    rspec-expectations (3.10.1)
      diff-lcs (>= 1.2.0, < 2.0)
      rspec-support (~> 3.10.0)
    rspec-mocks (3.10.2)
      diff-lcs (>= 1.2.0, < 2.0)
      rspec-support (~> 3.10.0)
    rspec-support (3.10.2)
    rubocop (1.15.0)
      parallel (~> 1.10)
      parser (>= 3.0.0.0)
      rainbow (>= 2.2.2, < 4.0)
      regexp_parser (>= 1.8, < 3.0)
      rexml
      rubocop-ast (>= 1.5.0, < 2.0)
      ruby-progressbar (~> 1.7)
      unicode-display_width (>= 1.4.0, < 3.0)
    rubocop-ast (1.5.0)
      parser (>= 3.0.1.1)
    rubocop-graphql (0.9.0)
      rubocop (>= 0.87, < 2)
    rubocop-performance (1.11.3)
      rubocop (>= 1.7.0, < 2.0)
      rubocop-ast (>= 0.4.0)
    rubocop-rspec (2.3.0)
      rubocop (~> 1.0)
      rubocop-ast (>= 1.1.0)
    rubocop-shopify (2.1.0)
      rubocop (~> 1.13)
    rubocop-thread_safety (0.4.2)
      rubocop (>= 0.53.0)
    ruby-progressbar (1.11.0)
    rugged (1.1.0)
    sequel (5.44.0)
    sequel_pg (1.14.0)
      pg (>= 0.18.0, != 1.2.0)
      sequel (>= 4.38.0)
    simplecov (0.21.2)
      docile (~> 1.1)
      simplecov-html (~> 0.11)
      simplecov_json_formatter (~> 0.1)
    simplecov-html (0.12.3)
    simplecov-lcov (0.8.0)
    simplecov_json_formatter (0.1.2)
    thor (1.1.0)
    transproc (1.1.1)
    tty-color (0.6.0)
    tty-logger (0.6.0)
      pastel (~> 0.8)
    undercover (0.4.3)
      imagen (>= 0.1.8)
      rainbow (>= 2.1, < 4.0)
      rugged (>= 0.27, < 1.2)
    unicode-display_width (2.0.0)
    zeitwerk (2.4.2)

PLATFORMS
  x86_64-darwin-19

DEPENDENCIES
  envyable
  graphql
  graphql-schema_comparator
  hanami-utils
  listen
  pg
  pry
  puma
  rack-cors
  rack-protection
  rack-test
  rack-unreloader
  rake
  roda
  roda-enhanced_logger
  rspec
  rubocop
  rubocop-graphql
  rubocop-performance
  rubocop-rspec
  rubocop-shopify
  rubocop-thread_safety
  sequel
  sequel_pg
  simplecov
  simplecov-lcov
  undercover
  zeitwerk

RUBY VERSION
   ruby 2.7.2p137

BUNDLED WITH
   2.2.7
